GIT
  remote: https://github.com/joeldrapper/quickdraw.git
  revision: 850ed1c36d5d61f6b4a860ef5dc8cdbe97942397
  specs:
    quickdraw (0.1.0)
      difftastic (~> 0.1)
      io-watch (~> 0.6)

PATH
  remote: .
  specs:
    difftastic (0.5.0)
      pretty_please

GEM
  remote: https://rubygems.org/
  specs:
    ast (2.4.2)
    dispersion (0.2.0)
      prism
    io-watch (0.6.3)
    json (2.9.1)
    language_server-protocol (3.17.0.4)
    logger (1.6.5)
    parallel (1.26.3)
    parser (3.3.7.1)
      ast (~> 2.4.1)
      racc
    pretty_please (0.1.1)
      dispersion (~> 0.2)
    prism (1.3.0)
    racc (1.8.1)
    rainbow (3.1.1)
    rake (13.2.1)
    rbs (3.8.1)
      logger
    regexp_parser (2.10.0)
    rubocop (1.71.2)
      json (~> 2.3)
      language_server-protocol (>= 3.17.0)
      parallel (~> 1.10)
      parser (>= 3.3.0.2)
      rainbow (>= 2.2.2, < 4.0)
      regexp_parser (>= 2.9.3, < 3.0)
      rubocop-ast (>= 1.38.0, < 2.0)
      ruby-progressbar (~> 1.7)
      unicode-display_width (>= 2.4.0, < 4.0)
    rubocop-ast (1.38.0)
      parser (>= 3.3.1.0)
    ruby-lsp (0.23.8)
      language_server-protocol (~> 3.17.0)
      prism (>= 1.2, < 2.0)
      rbs (>= 3, < 4)
      sorbet-runtime (>= 0.5.10782)
    ruby-progressbar (1.13.0)
    rubyzip (2.4.1)
    sorbet-runtime (0.5.11802)
    unicode-display_width (3.1.4)
      unicode-emoji (~> 4.0, >= 4.0.4)
    unicode-emoji (4.0.4)

PLATFORMS
  aarch64-linux-gnu
  aarch64-linux-musl
  arm-linux-gnu
  arm-linux-musl
  arm64-darwin
  x86_64-darwin
  x86_64-linux-gnu
  x86_64-linux-musl

DEPENDENCIES
  difftastic!
  quickdraw!
  rake
  rubocop
  ruby-lsp
  rubyzip

BUNDLED WITH
   2.6.2
